GEM
  remote: https://rubygems.org/
  specs:
    OptionParser (0.5.1)
    aws-sdk (2.5.5)
      aws-sdk-resources (= 2.5.5)
    aws-sdk-core (2.5.5)
      jmespath (~> 1.0)
    aws-sdk-resources (2.5.5)
      aws-sdk-core (= 2.5.5)
    jmespath (1.3.1)
    psych (2.1.0)

PLATFORMS
  ruby

DEPENDENCIES
  OptionParser
  aws-sdk
  psych

BUNDLED WITH
   1.12.5
